GEM
  remote: https://rubygems.org/
  specs:
    clipboard (1.3.6)
    cyberarm_engine (0.19.1)
      clipboard (~> 1.3.5)
      excon (~> 0.78.0)
      gosu (~> 1.1)
      gosu_more_drawables (~> 0.3)
    excon (0.78.1)
    ffi (1.15.4-x64-mingw32)
    gosu (1.2.0)
    gosu_more_drawables (0.3.1)
    highline (2.0.3)
    minigl (2.3.6)
      gosu (>= 0.11, < 2.0)
    opengl-bindings (1.6.11)
    tty-option (0.2.0)
    wads (0.2.4)
      gosu (>= 1.1.0)
      minigl (~> 2.3.5)
      tty-option

PLATFORMS
  x64-mingw32

DEPENDENCIES
  cyberarm_engine
  ffi
  highline
  opengl-bindings
  wads

BUNDLED WITH
   2.2.28
