GEM
  remote: https://rubygems.org/
  specs:
    clipboard (1.3.6)
    cri (2.1.0)
    cyberarm_engine (0.19.1)
      clipboard (~> 1.3.5)
      excon (~> 0.78.0)
      gosu (~> 1.1)
      gosu_more_drawables (~> 0.3)
    excon (0.78.1)
    ffi (1.15.4-x64-mingw32)
    gosu (1.2.0)
    gosu_more_drawables (0.3.1)
    ocra (1.3.11)
    rake (13.0.6)
    releasy (0.2.3)
      bundler (>= 1.2.1)
      cri (~> 2.1.0)
      ocra (~> 1.3.0)
      rake (>= 0.9.2.2)

PLATFORMS
  x64-mingw32

DEPENDENCIES
  cyberarm_engine
  ffi
  releasy

BUNDLED WITH
   2.2.28
